PATH
  remote: .
  specs:
    stemcell_builder (1.0.6)
      deep_merge
      kwalify
      logger-colors
      net-scp (~> 1.0)
      net-ssh (~> 2.2.2)
      retryable
      thor

GEM
  remote: https://rubygems.org/
  specs:
    deep_merge (1.0.0)
    diff-lcs (1.2.1)
    kwalify (0.7.2)
    logger-colors (1.0.0)
    net-scp (1.0.4)
      net-ssh (>= 1.99.1)
    net-ssh (2.2.2)
    rake (10.0.3)
    retryable (1.3.2)
    rspec (2.13.0)
      rspec-core (~> 2.13.0)
      rspec-expectations (~> 2.13.0)
      rspec-mocks (~> 2.13.0)
    rspec-core (2.13.1)
    rspec-expectations (2.13.0)
      diff-lcs (>= 1.1.3, < 2.0)
    rspec-mocks (2.13.0)
    rubygems-tasks (0.2.3)
    thor (0.17.0)

PLATFORMS
  ruby

DEPENDENCIES
  bundler
  rake
  rspec
  rubygems-tasks
  stemcell_builder!
