PATH
  remote: .
  specs:
    stemcell_builder (1.0.2)
      deep_merge (~> 1.0.0)
      kwalify (~> 0.7.2)
      logger-colors (~> 1.0.0)
      net-scp (~> 1.1.0)
      net-ssh (~> 2.6.6)
      retryable (~> 1.3.2)
      thor (~> 0.17.0)

GEM
  remote: https://rubygems.org/
  specs:
    deep_merge (1.0.0)
    diff-lcs (1.2.1)
    kwalify (0.7.2)
    logger-colors (1.0.0)
    net-scp (1.1.0)
      net-ssh (>= 2.6.5)
    net-ssh (2.6.6)
    retryable (1.3.2)
    rspec (2.13.0)
      rspec-core (~> 2.13.0)
      rspec-expectations (~> 2.13.0)
      rspec-mocks (~> 2.13.0)
    rspec-core (2.13.1)
    rspec-expectations (2.13.0)
      diff-lcs (>= 1.1.3, < 2.0)
    rspec-mocks (2.13.0)
    thor (0.17.0)

PLATFORMS
  ruby

DEPENDENCIES
  bundler (>= 1.0.0)
  rspec
  stemcell_builder!
